GEM
  remote: https://rubygems.org/
  specs:
    atomic (1.1.99)
    bond (0.5.1)
    hamster (1.0.0)
      atomic (~> 1.1)
    iruby (0.2.5)
      bond (~> 0.5)
      mimemagic (~> 0.3)
      multi_json (~> 1.11)
      rbczmq (~> 1.7)
    mimemagic (0.3.0)
    multi_json (1.11.0)
    pilot-gnuplot (0.1.0)
      hamster (~> 1.0)
    rbczmq (1.7.8)

PLATFORMS
  ruby

DEPENDENCIES
  iruby
  pilot-gnuplot
